PATH
  remote: .
  specs:
    fringe (0.0.1)

GEM
  remote: https://rubygems.org/
  specs:
    rack (1.6.1)
    rake (10.4.2)

PLATFORMS
  ruby

DEPENDENCIES
  bundler (~> 1.3)
  fringe!
  rack (~> 1.3)
  rake
